GEM
  remote: https://rubygems.org/
  specs:
    dotenv (2.7.6)
    json (2.5.1)

PLATFORMS
  x64-mingw32

DEPENDENCIES
  dotenv
  json

BUNDLED WITH
   2.1.4
